GEM
  remote: https://rubygems.org/
  specs:
    activesupport-inflector (0.1.0)
    coderay (1.1.2)
    concurrent-ruby (1.1.10)
    i18n (1.10.0)
      concurrent-ruby (~> 1.0)
    i18n-inflector (2.6.7)
      i18n (>= 0.4.1)
    method_source (0.9.2)
    pry (0.12.2)
      coderay (~> 1.1.0)
      method_source (~> 0.9.0)
    sqlite3 (1.4.2)

PLATFORMS
  ruby

DEPENDENCIES
  activesupport-inflector (~> 0.1.0)
  i18n-inflector (~> 2.6, >= 2.6.7)
  pry
  sqlite3

BUNDLED WITH
   2.3.10
